GIT
  remote: git://github.com/ddollar/foreman.git
  revision: 047f1ff5c42b14627caf8fdf7991fa5d8de86a3c
  tag: v0.45.0
  specs:
    foreman (0.45.0)
      thor (>= 0.13.6)

GIT
  remote: git://github.com/rails-api/active_model_serializers.git
  revision: d030cd99cfff57310904c5d03b709281267cf9ef
  specs:
    active_model_serializers (0.5.2)
      activemodel (>= 3.0)

GIT
  remote: git@github.com:bradphelan/rocket_tag.git
  revision: a47b3340621dc36afa5559458eec9512384a87ba
  branch: master
  specs:
    rocket_tag (0.5.6)
      activerecord (>= 3.2.0)
      squeel (~> 1.0.0)

GIT
  remote: git@github.com:jumski/s3_direct_upload.git
  revision: 6fb52b1540e2cc9843f0a0b9cad08c520df64338
  branch: on-progress-callback
  specs:
    s3_direct_upload (0.0.8)
      coffee-rails (~> 3.2.1)
      jquery-fileupload-rails (~> 0.4.0)
      rails (~> 3.2)
      sass-rails (~> 3.2.5)

PATH
  remote: ./vendor/alle_api
  specs:
    alle_api (0.0.1)
      ancestry (~> 1.2)
      hashie (~> 1.2)
      rails (~> 3.2)
      redis-namespace (~> 1.0)
      redis-objects (~> 0.6)
      ruby-progressbar (= 0.0.10)
      savon (~> 1.1)
      sidekiq (~> 2.17)
      sidekiq-failures
      sidekiq-unique-jobs
      virtus (~> 0.5)
      workflow (~> 0.8.7)

GEM
  remote: http://rubygems.org/
  specs:
    actionmailer (3.2.17)
      actionpack (= 3.2.17)
      mail (~> 2.5.4)
    actionpack (3.2.17)
      activemodel (= 3.2.17)
      activesupport (= 3.2.17)
      builder (~> 3.0.0)
      erubis (~> 2.7.0)
      journey (~> 1.0.4)
      rack (~> 1.4.5)
      rack-cache (~> 1.2)
      rack-test (~> 0.6.1)
      sprockets (~> 2.2.1)
    active_sanity (0.2.0)
      rails (>= 3.1.0)
    activemodel (3.2.17)
      activesupport (= 3.2.17)
      builder (~> 3.0.0)
    activerecord (3.2.17)
      activemodel (= 3.2.17)
      activesupport (= 3.2.17)
      arel (~> 3.0.2)
      tzinfo (~> 0.3.29)
    activeresource (3.2.17)
      activemodel (= 3.2.17)
      activesupport (= 3.2.17)
    activesupport (3.2.17)
      i18n (~> 0.6, >= 0.6.4)
      multi_json (~> 1.0)
    addressable (2.3.4)
    airbrake (3.0.9)
      activesupport
      builder
    akami (1.2.1)
      gyoku (>= 0.4.0)
      nokogiri
    ancestry (1.3.0)
      activerecord (>= 2.3.14)
    ansi (1.4.1)
    arel (3.0.3)
    attribute_normalizer (1.1.0)
    awesome_print (1.0.2)
    backbone-on-rails (0.9.9.0)
      eco
      ejs
      jquery-rails
      rails (>= 3.1)
    backports (3.6.0)
    barby (0.5.1)
    bcrypt-ruby (3.0.1)
    better_errors (0.7.0)
      coderay (>= 1.0.0)
      erubis (>= 2.6.6)
    binding_of_caller (0.7.1)
      debug_inspector (>= 0.0.1)
    bootstrap-sass-rails (2.2.2.0)
      railties (>= 3.1.0)
      sass-rails (>= 3.1.0)
    bourbon (1.4.0)
      sass (>= 3.1)
    builder (3.0.4)
    capistrano (2.12.0)
      highline
      net-scp (>= 1.0.0)
      net-sftp (>= 2.0.0)
      net-ssh (>= 2.0.14)
      net-ssh-gateway (>= 1.1.0)
    capistrano_colors (0.5.5)
    capybara (2.0.3)
      mime-types (>= 1.16)
      nokogiri (>= 1.3.3)
      rack (>= 1.0.0)
      rack-test (>= 0.5.4)
      selenium-webdriver (~> 2.0)
      xpath (~> 1.0.0)
    celluloid (0.15.2)
      timers (~> 1.1.0)
    childprocess (0.3.9)
      ffi (~> 1.0, >= 1.0.11)
    choice (0.1.6)
    chunky_png (1.2.6)
    clockwork (0.4.1)
      tzinfo
    coderay (1.0.7)
    coffee-rails (3.2.2)
      coffee-script (>= 2.2.0)
      railties (~> 3.2.0)
    coffee-script (2.2.0)
      coffee-script-source
      execjs
    coffee-script-source (1.4.0)
    colorize (0.5.8)
    connection_pool (1.2.0)
    crack (0.3.2)
    data_migrate (1.1.1)
      rails (>= 3.0.0)
    database_cleaner (0.9.1)
    debug_inspector (0.0.2)
    descendants_tracker (0.0.3)
    devise (2.1.2)
      bcrypt-ruby (~> 3.0)
      orm_adapter (~> 0.1)
      railties (~> 3.1)
      warden (~> 1.2.1)
    devise-i18n (0.6.4)
    diff-lcs (1.1.3)
    eco (1.0.0)
      coffee-script
      eco-source
      execjs
    eco-source (1.1.0.rc.1)
    ejs (1.1.1)
    enumerize (0.7.0)
      activesupport (>= 3.2)
    erubis (2.7.0)
    eventmachine (1.0.3)
    excon (0.13.4)
    execjs (1.4.0)
      multi_json (~> 1.0)
    factory_girl (4.0.0)
      activesupport (>= 3.0.0)
    factory_girl_rails (4.0.0)
      factory_girl (~> 4.0.0)
      railties (>= 3.0.0)
    faye-websocket (0.4.7)
      eventmachine (>= 0.12.0)
    ffi (1.6.0)
    fivemat (1.1.0)
    flutie (1.3.3)
    fog (1.3.1)
      builder
      excon (~> 0.13.0)
      formatador (~> 0.2.0)
      mime-types
      multi_json (~> 1.0)
      net-scp (~> 1.0.4)
      net-ssh (>= 2.1.3)
      nokogiri (~> 1.5.0)
      ruby-hmac
    formatador (0.2.3)
    gon (4.0.2)
      actionpack (>= 2.3.0)
      json
    google-analytics-rails (0.0.2)
    groupdate (1.0.4)
      activerecord (>= 3.0.0)
    gyoku (0.4.6)
      builder (>= 2.1.2)
    haml (3.1.8)
    haml-rails (0.3.4)
      actionpack (~> 3.0)
      activesupport (~> 3.0)
      haml (~> 3.0)
      railties (~> 3.0)
    haml_coffee_assets (0.8.4)
      execjs (>= 1.2.9)
      sprockets (>= 2.0.3)
      tilt (>= 1.3.3)
    has_scope (0.5.1)
    hashie (1.2.0)
    hashr (0.0.22)
    high_voltage (1.1.1)
    highcharts-rails (3.0.2)
      railties (>= 3.1)
    highline (1.6.11)
    hike (1.2.3)
    hpricot (0.8.6)
    http_parser.rb (0.5.3)
    httpi (1.1.1)
      rack
    i18n (0.6.9)
    interactive_editor (0.0.10)
      spoon (>= 0.0.1)
    journey (1.0.4)
    jquery-fileupload-rails (0.4.0)
      actionpack (>= 3.1)
      railties (>= 3.1)
    jquery-rails (1.0.19)
      railties (~> 3.0)
      thor (~> 0.14)
    jquery-ui-rails (0.4.1)
      jquery-rails
      railties (>= 3.1.0)
    js-routes (0.8.0)
      rails (>= 3.2)
    json (1.8.1)
    kaminari (0.14.1)
      actionpack (>= 3.0.0)
      activesupport (>= 3.0.0)
    konacha (2.2.0)
      actionpack (>= 3.1, < 5)
      capybara
      colorize
      railties (>= 3.1, < 5)
      sprockets
    launchy (2.2.0)
      addressable (~> 2.3)
    libnotify (0.7.2)
    libv8 (3.3.10.4)
    lisbn (0.1.2)
      nori
    mail (2.5.4)
      mime-types (~> 1.16)
      treetop (~> 1.4.8)
    metaclass (0.0.1)
    method_source (0.8)
    mime-types (1.25.1)
    mini_magick (3.6.0)
      subexec (~> 0.2.1)
    mocha (0.13.3)
      metaclass (~> 0.0.1)
    mock_redis (0.6.3)
    multi_json (1.8.4)
    mysql2 (0.3.11)
    net-scp (1.0.4)
      net-ssh (>= 1.99.1)
    net-sftp (2.0.5)
      net-ssh (>= 2.0.9)
    net-ssh (2.3.0)
    net-ssh-gateway (1.1.0)
      net-ssh (>= 1.99.1)
    newrelic_rpm (3.6.3.111)
    nokogiri (1.5.9)
    nori (1.1.5)
    orm_adapter (0.4.0)
    parallel (0.5.19)
    pelusa (0.1.1)
    poltergeist (1.1.0)
      capybara (~> 2.0, >= 2.0.1)
      faye-websocket (~> 0.4, >= 0.4.4)
      http_parser.rb (~> 0.5.3)
    polyamorous (0.5.0)
      activerecord (~> 3.0)
    polyglot (0.3.4)
    pry (0.9.10)
      coderay (~> 1.0.5)
      method_source (~> 0.8)
      slop (~> 3.3.1)
    pry-editline (1.1.2)
    pry-rails (0.2.0)
      pry
    puma (1.6.3)
      rack (~> 1.2)
    quiet_assets (1.0.2)
      railties (>= 3.1, < 5.0)
    rack (1.4.5)
    rack-cache (1.2)
      rack (>= 0.4)
    rack-protection (1.5.2)
      rack
    rack-ssl (1.3.3)
      rack
    rack-test (0.6.2)
      rack (>= 1.0)
    rails (3.2.17)
      actionmailer (= 3.2.17)
      actionpack (= 3.2.17)
      activerecord (= 3.2.17)
      activeresource (= 3.2.17)
      activesupport (= 3.2.17)
      bundler (~> 1.0)
      railties (= 3.2.17)
    rails-dev-tweaks (0.6.1)
      actionpack (~> 3.1)
      railties (~> 3.1)
    rails-erd (1.1.0)
      activerecord (>= 3.0)
      activesupport (>= 3.0)
      choice (~> 0.1.6)
      ruby-graphviz (~> 1.0.4)
    rails-i18n (0.6.6)
      i18n (~> 0.5)
    railties (3.2.17)
      actionpack (= 3.2.17)
      activesupport (= 3.2.17)
      rack-ssl (~> 1.3.2)
      rake (>= 0.8.7)
      rdoc (~> 3.4)
      thor (>= 0.14.6, < 2.0)
    rake (10.1.1)
    rdoc (3.12.2)
      json (~> 1.4)
    rdoc-tags (1.2)
      rdoc (~> 3.4)
    redis (3.0.7)
    redis-namespace (1.4.1)
      redis (~> 3.0.4)
    redis-objects (0.7.0)
      redis (>= 3.0.2)
    rest-client (1.6.7)
      mime-types (>= 1.16)
    resubject (0.2.0)
      activesupport (>= 3.2)
    rspec (2.12.0)
      rspec-core (~> 2.12.0)
      rspec-expectations (~> 2.12.0)
      rspec-mocks (~> 2.12.0)
    rspec-core (2.12.2)
    rspec-expectations (2.12.1)
      diff-lcs (~> 1.1.3)
    rspec-mocks (2.12.2)
    rspec-rails (2.12.0)
      actionpack (>= 3.0)
      activesupport (>= 3.0)
      railties (>= 3.0)
      rspec-core (~> 2.12.0)
      rspec-expectations (~> 2.12.0)
      rspec-mocks (~> 2.12.0)
    ruby-graphviz (1.0.9)
    ruby-hmac (0.4.0)
    ruby-progressbar (0.0.10)
    rubyzip (0.9.9)
    rvm-capistrano (1.1.0)
      capistrano (>= 2.0.0)
    sass (3.2.5)
    sass-rails (3.2.6)
      railties (~> 3.2.0)
      sass (>= 3.1.10)
      tilt (~> 1.3)
    savon (1.2.0)
      akami (~> 1.2.0)
      builder (>= 2.1.2)
      gyoku (~> 0.4.5)
      httpi (~> 1.1.0)
      nokogiri (>= 1.4.0)
      nori (~> 1.1.0)
      wasabi (~> 2.5.0)
    selenium-webdriver (2.31.0)
      childprocess (>= 0.2.5)
      multi_json (~> 1.0)
      rubyzip
      websocket (~> 1.0.4)
    shoulda-matchers (1.1.0)
      activesupport (>= 3.0.0)
    show_for (0.2.5)
      actionpack (~> 3.0)
      activemodel (~> 3.0)
    sidekiq (2.17.6)
      celluloid (>= 0.15.2)
      connection_pool (>= 1.0.0)
      json
      redis (>= 3.0.6)
      redis-namespace (>= 1.3.1)
    sidekiq-failures (0.3.0)
      sidekiq (>= 2.14.0)
    sidekiq-unique-jobs (2.7.1)
      mock_redis
      sidekiq (~> 2.6)
    simple_form (2.1.0)
      actionpack (~> 3.0)
      activemodel (~> 3.0)
    simplecov (0.6.1)
      multi_json (~> 1.0)
      simplecov-html (~> 0.5.3)
    simplecov-html (0.5.3)
    sinatra (1.4.4)
      rack (~> 1.4)
      rack-protection (~> 1.4)
      tilt (~> 1.3, >= 1.3.4)
    site_prism (2.2)
      capybara (>= 2.0.2, < 3.0)
      rspec (~> 2.0)
    slop (3.3.2)
    spoon (0.0.1)
    sprockets (2.2.2)
      hike (~> 1.2)
      multi_json (~> 1.0)
      rack (~> 1.0)
      tilt (~> 1.1, != 1.3.0)
    sql_queries_count (0.0.1)
      rails (> 3.0.0)
    sqlite3 (1.3.6)
    squeel (1.0.18)
      activerecord (~> 3.0)
      activesupport (~> 3.0)
      polyamorous (~> 0.5.0)
    subexec (0.2.3)
    sugar-rails (1.3.7)
      railties (>= 3.0.0)
    table_for_collection (1.0.6)
      actionpack
    therubyracer (0.9.9)
      libv8 (~> 3.3.10)
    thor (0.18.1)
    tilt (1.4.1)
    timecop (0.3.5)
    timers (1.1.0)
    tire (0.5.7)
      activemodel (>= 3.0)
      activesupport
      ansi
      hashr (~> 0.0.19)
      multi_json (~> 1.3)
      rake
      rest-client (~> 1.6)
    treetop (1.4.15)
      polyglot
      polyglot (>= 0.3.1)
    turbo-sprockets-rails3 (0.3.6)
      railties (> 3.2.8, < 4.0.0)
      sprockets (>= 2.0.0)
    turn (0.8.3)
      ansi
    tzinfo (0.3.38)
    uglifier (1.2.2)
      execjs (>= 0.3.0)
      multi_json (>= 1.0.2)
    vcr (2.4.0)
    virtus (0.5.5)
      backports (~> 3.3)
      descendants_tracker (~> 0.0.1)
    warden (1.2.1)
      rack (>= 1.0)
    wasabi (2.5.1)
      httpi (~> 1.0)
      nokogiri (>= 1.4.0)
    webmock (1.11.0)
      addressable (>= 2.2.7)
      crack (>= 0.3.2)
    websocket (1.0.7)
    workflow (0.8.7)
    xpath (1.0.0)
      nokogiri (~> 1.3)

PLATFORMS
  ruby

DEPENDENCIES
  active_model_serializers!
  active_sanity
  airbrake
  alle_api!
  attribute_normalizer (~> 1.1)
  awesome_print
  backbone-on-rails
  barby (~> 0.2)
  better_errors
  binding_of_caller
  bootstrap-sass-rails
  bourbon
  capistrano
  capistrano_colors
  capybara
  chunky_png (~> 1.2)
  clockwork
  coffee-rails (~> 3.2.1)
  data_migrate (~> 1.1)
  database_cleaner
  devise
  devise-i18n
  enumerize (~> 0.7)
  factory_girl_rails
  fivemat
  flutie
  fog (~> 1.3.1)
  foreman!
  gon (~> 4.0)
  google-analytics-rails
  groupdate (~> 1.0)
  haml (~> 3.1)
  haml-rails
  haml_coffee_assets
  has_scope
  high_voltage
  highcharts-rails (~> 3.0.0)
  hpricot
  interactive_editor
  jquery-rails (= 1.0.19)
  jquery-ui-rails (= 0.4.1)
  js-routes
  json
  kaminari
  konacha
  launchy
  libnotify
  lisbn (~> 0.1)
  mini_magick
  mocha
  mock_redis
  mysql2
  newrelic_rpm
  parallel
  pelusa
  poltergeist (~> 1.1)
  pry
  pry-editline
  pry-rails
  puma
  quiet_assets
  rails (= 3.2.17)
  rails-dev-tweaks (~> 0.6.1)
  rails-erd (~> 1.1)
  rails-i18n (= 0.6.6)
  rdoc-tags
  redis-objects (~> 0.6)
  resubject
  rocket_tag!
  rspec-rails
  ruby-progressbar
  rvm-capistrano
  s3_direct_upload!
  sass-rails (~> 3.2.3)
  shoulda-matchers
  show_for
  sidekiq
  sidekiq-failures
  simple_form (~> 2.0)
  simplecov
  sinatra
  site_prism (~> 2.2)
  sql_queries_count
  sqlite3
  sugar-rails
  table_for_collection
  therubyracer
  timecop
  tire (~> 0.5)
  turbo-sprockets-rails3 (~> 0.3)
  turn
  uglifier (>= 1.0.3)
  vcr
  webmock
  workflow (~> 0.8.7)
